GEM
  remote: http://rubygems.org/
  specs:
    byebug (2.5.0)
      columnize (~> 0.3.6)
      debugger-linecache (~> 1.2.0)
    columnize (0.3.6)
    debugger-linecache (1.2.0)
    taglib-ruby (0.6.0)

PLATFORMS
  ruby

DEPENDENCIES
  byebug
  taglib-ruby
